PATH
  remote: .
  specs:
    schmobile (0.5.0)
      rack

GEM
  remote: http://rubygems.org/
  specs:
    mocha (0.9.9)
      rake
    rack (1.4.1)
    rake (0.8.7)
    shoulda (2.11.3)

PLATFORMS
  ruby

DEPENDENCIES
  bundler
  mocha
  rake
  schmobile!
  shoulda
